GEM
  remote: https://rubygems.org/
  specs:
    actioncable (7.2.0)
      actionpack (= 7.2.0)
      activesupport (= 7.2.0)
      nio4r (~> 2.0)
      websocket-driver (>= 0.6.1)
      zeitwerk (~> 2.6)
    actionmailbox (7.2.0)
      actionpack (= 7.2.0)
      activejob (= 7.2.0)
      activerecord (= 7.2.0)
      activestorage (= 7.2.0)
      activesupport (= 7.2.0)
      mail (>= 2.8.0)
    actionmailer (7.2.0)
      actionpack (= 7.2.0)
      actionview (= 7.2.0)
      activejob (= 7.2.0)
      activesupport (= 7.2.0)
      mail (>= 2.8.0)
      rails-dom-testing (~> 2.2)
    actionpack (7.2.0)
      actionview (= 7.2.0)
      activesupport (= 7.2.0)
      nokogiri (>= 1.8.5)
      racc
      rack (>= 2.2.4, < 3.2)
      rack-session (>= 1.0.1)
      rack-test (>= 0.6.3)
      rails-dom-testing (~> 2.2)
      rails-html-sanitizer (~> 1.6)
      useragent (~> 0.16)
    actiontext (7.2.0)
      actionpack (= 7.2.0)
      activerecord (= 7.2.0)
      activestorage (= 7.2.0)
      activesupport (= 7.2.0)
      globalid (>= 0.6.0)
      nokogiri (>= 1.8.5)
    actionview (7.2.0)
      activesupport (= 7.2.0)
      builder (~> 3.1)
      erubi (~> 1.11)
      rails-dom-testing (~> 2.2)
      rails-html-sanitizer (~> 1.6)
    activejob (7.2.0)
      activesupport (= 7.2.0)
      globalid (>= 0.3.6)
    activemodel (7.2.0)
      activesupport (= 7.2.0)
    activerecord (7.2.0)
      activemodel (= 7.2.0)
      activesupport (= 7.2.0)
      timeout (>= 0.4.0)
    activestorage (7.2.0)
      actionpack (= 7.2.0)
      activejob (= 7.2.0)
      activerecord (= 7.2.0)
      activesupport (= 7.2.0)
      marcel (~> 1.0)
    activesupport (7.2.0)
      base64
      bigdecimal
      concurrent-ruby (~> 1.0, >= 1.3.1)
      connection_pool (>= 2.2.5)
      drb
      i18n (>= 1.6, < 2)
      logger (>= 1.4.2)
      minitest (>= 5.1)
      securerandom (>= 0.3)
      tzinfo (~> 2.0, >= 2.0.5)
    acts_as_list (1.2.6)
      activerecord (>= 6.1)
      activesupport (>= 6.1)
    addressable (2.8.7)
      public_suffix (>= 2.0.2, < 7.0)
    ast (2.4.3)
    aws-eventstream (1.4.0)
    aws-partitions (1.1178.0)
    aws-sdk-core (3.235.0)
      aws-eventstream (~> 1, >= 1.3.0)
      aws-partitions (~> 1, >= 1.992.0)
      aws-sigv4 (~> 1.9)
      base64
      bigdecimal
      jmespath (~> 1, >= 1.6.1)
      logger
    aws-sdk-ecs (1.209.0)
      aws-sdk-core (~> 3, >= 3.234.0)
      aws-sigv4 (~> 1.5)
    aws-sdk-kms (1.115.0)
      aws-sdk-core (~> 3, >= 3.234.0)
      aws-sigv4 (~> 1.5)
    aws-sdk-s3 (1.202.0)
      aws-sdk-core (~> 3, >= 3.234.0)
      aws-sdk-kms (~> 1)
      aws-sigv4 (~> 1.5)
    aws-sdk-transcribeservice (1.131.0)
      aws-sdk-core (~> 3, >= 3.234.0)
      aws-sigv4 (~> 1.5)
    aws-sigv4 (1.12.1)
      aws-eventstream (~> 1, >= 1.0.2)
    base64 (0.3.0)
    bcrypt (3.1.20)
    bigdecimal (3.3.1)
    bindex (0.8.1)
    blueprinter (1.2.1)
    bootsnap (1.18.6)
      msgpack (~> 1.2)
    builder (3.3.0)
    childprocess (5.1.0)
      logger (~> 1.5)
    coderay (1.1.3)
    colorize (1.1.0)
    commonmarker (2.5.0-aarch64-linux)
    commonmarker (2.5.0-aarch64-linux-musl)
    commonmarker (2.5.0-x86_64-linux)
    commonmarker (2.5.0-x86_64-linux-musl)
    concurrent-ruby (1.3.5)
    connection_pool (2.5.4)
    console1984 (0.2.1)
      irb (~> 1.13)
      parser
      rails (>= 7.0)
      rainbow
    counter_culture (3.11.3)
      activerecord (>= 4.2)
      activesupport (>= 4.2)
    crack (1.0.1)
      bigdecimal
      rexml
    crass (1.0.6)
    css_parser (1.21.1)
      addressable
    cssbundling-rails (1.4.3)
      railties (>= 6.0.0)
    date (3.5.0)
    debug (1.11.0)
      irb (~> 1.10)
      reline (>= 0.3.8)
    device_detector (1.1.3)
    devise (4.9.4)
      bcrypt (~> 3.0)
      orm_adapter (~> 0.1)
      railties (>= 4.1.0)
      responders
      warden (~> 1.2.3)
    devise-doorkeeper (1.2.0)
      devise
      doorkeeper
      rails
    devise-two-factor (6.2.0)
      activesupport (>= 7.0, < 8.2)
      devise (~> 4.0)
      railties (>= 7.0, < 8.2)
      rotp (~> 6.0)
    discard (1.4.0)
      activerecord (>= 4.2, < 9.0)
    doorkeeper (5.6.9)
      railties (>= 5)
    down (5.4.2)
      addressable (~> 2.8)
    drb (2.2.3)
    elastic-transport (8.4.1)
      faraday (< 3)
      multi_json
    elasticsearch (9.2.0)
      elastic-transport (~> 8.3)
      elasticsearch-api (= 9.2.0)
    elasticsearch-api (9.2.0)
      multi_json
    erb (5.1.3)
    erubi (1.13.1)
    et-orbi (1.4.0)
      tzinfo
    event_stream_parser (1.0.0)
    factory_bot (6.5.6)
      activesupport (>= 6.1.0)
    factory_bot_rails (6.5.1)
      factory_bot (~> 6.5)
      railties (>= 6.1.0)
    faker (3.5.2)
      i18n (>= 1.8.11, < 2)
    faraday (2.14.0)
      faraday-net_http (>= 2.0, < 3.5)
      json
      logger
    faraday-follow_redirects (0.4.0)
      faraday (>= 1, < 3)
    faraday-mashify (1.0.0)
      faraday (~> 2.0)
      hashie
    faraday-multipart (1.1.1)
      multipart-post (~> 2.0)
    faraday-net_http (3.4.1)
      net-http (>= 0.5.0)
    fastimage (2.4.0)
    flipper (1.3.6)
      concurrent-ruby (< 2)
    flipper-active_record (1.3.6)
      activerecord (>= 4.2, < 9)
      flipper (~> 1.3.6)
    friendly_id (5.4.2)
      activerecord (>= 4.0.0)
    fugit (1.12.1)
      et-orbi (~> 1.4)
      raabro (~> 1.4)
    gli (2.22.2)
      ostruct
    globalid (1.3.0)
      activesupport (>= 6.1)
    hashdiff (1.2.1)
    hashie (5.0.0)
    htmlentities (4.3.4)
    httpclient (2.9.0)
      mutex_m
    i18n (1.14.7)
      concurrent-ruby (~> 1.0)
    io-console (0.8.1)
    ip_anonymizer (0.3.0)
    irb (1.15.2)
      pp (>= 0.6.0)
      rdoc (>= 4.0.0)
      reline (>= 0.4.2)
    jmespath (1.6.2)
    jsbundling-rails (1.3.1)
      railties (>= 6.0.0)
    json (2.15.2)
    json-schema (6.0.0)
      addressable (~> 2.8)
      bigdecimal (~> 3.1)
    jwt (3.1.2)
      base64
    language_server-protocol (3.17.0.5)
    launchy (3.1.1)
      addressable (~> 2.8)
      childprocess (~> 5.0)
      logger (~> 1.6)
    letter_opener (1.10.0)
      launchy (>= 2.2, < 4)
    letter_opener_web (3.0.0)
      actionmailer (>= 6.1)
      letter_opener (~> 1.9)
      railties (>= 6.1)
      rexml
    lint_roller (1.1.0)
    logger (1.7.0)
    loofah (2.24.1)
      crass (~> 1.0.2)
      nokogiri (>= 1.12.0)
    mail (2.9.0)
      logger
      mini_mime (>= 0.1.1)
      net-imap
      net-pop
      net-smtp
    marcel (1.1.0)
    method_source (1.1.0)
    mini_mime (1.1.5)
    minitest (5.26.0)
    minitest-focus (1.4.0)
      minitest (>= 4, < 6)
    minitest-spec-rails (7.4.1)
      minitest (>= 5.0)
      railties (>= 4.1)
    minitest-stub-const (0.6)
    mocha (2.7.1)
      ruby2_keywords (>= 0.0.5)
    mock_redis (0.48.1)
    msgpack (1.8.0)
    multi_json (1.17.0)
    multi_xml (0.7.2)
      bigdecimal (~> 3.1)
    multipart-post (2.4.1)
    mutex_m (0.3.0)
    nanoid (2.0.0)
    net-http (0.6.0)
      uri
    net-imap (0.5.12)
      date
      net-protocol
    net-pop (0.1.2)
      net-protocol
    net-protocol (0.2.2)
      timeout
    net-smtp (0.5.1)
      net-protocol
    nio4r (2.7.4)
    nokogiri (1.18.10-aarch64-linux-gnu)
      racc (~> 1.4)
    nokogiri (1.18.10-aarch64-linux-musl)
      racc (~> 1.4)
    nokogiri (1.18.10-x86_64-linux-gnu)
      racc (~> 1.4)
    nokogiri (1.18.10-x86_64-linux-musl)
      racc (~> 1.4)
    oauth2 (2.0.17)
      faraday (>= 0.17.3, < 4.0)
      jwt (>= 1.0, < 4.0)
      logger (~> 1.2)
      multi_xml (~> 0.5)
      rack (>= 1.2, < 4)
      snaky_hash (~> 2.0, >= 2.0.3)
      version_gem (~> 1.1, >= 1.1.9)
    omniauth (2.1.4)
      hashie (>= 3.4.6)
      logger
      rack (>= 2.2.3)
      rack-protection
    omniauth-google-oauth2 (1.2.1)
      jwt (>= 2.9.2)
      oauth2 (~> 2.0)
      omniauth (~> 2.0)
      omniauth-oauth2 (~> 1.8)
    omniauth-oauth2 (1.8.0)
      oauth2 (>= 1.4, < 3)
      omniauth (~> 2.0)
    omniauth-rails_csrf_protection (1.0.2)
      actionpack (>= 4.2)
      omniauth (~> 2.0)
    openapi3_parser (0.10.1)
      commonmarker (>= 1.0)
    openssl (3.3.2)
    orm_adapter (0.5.0)
    ostruct (0.6.3)
    parallel (1.27.0)
    parser (3.3.10.0)
      ast (~> 2.4.1)
      racc
    pg (1.6.2-aarch64-linux)
    pg (1.6.2-aarch64-linux-musl)
    pg (1.6.2-x86_64-linux)
    pg (1.6.2-x86_64-linux-musl)
    planetscale_rails (0.2.11)
      colorize (~> 1.0)
      rails (>= 6.0, < 9)
    postmark (1.25.1)
      json
    postmark-rails (0.22.1)
      actionmailer (>= 3.0.0)
      postmark (>= 1.21.3, < 2.0)
    pp (0.6.3)
      prettyprint
    premailer (1.27.0)
      addressable
      css_parser (>= 1.19.0)
      htmlentities (>= 4.0.0)
    premailer-rails (1.12.0)
      actionmailer (>= 3)
      net-smtp
      premailer (~> 1.7, >= 1.7.9)
    prettyprint (0.2.0)
    prism (1.6.0)
    prosopite (2.1.2)
    pry (0.15.2)
      coderay (~> 1.1)
      method_source (~> 1.0)
    pry-rails (0.3.11)
      pry (>= 0.13.0)
    psych (5.2.6)
      date
      stringio
    public_suffix (6.0.2)
    puma (6.6.1)
      nio4r (~> 2.0)
    pundit (2.5.2)
      activesupport (>= 3.0.0)
    pusher (2.0.3)
      httpclient (~> 2.8)
      multi_json (~> 1.15)
      pusher-signature (~> 0.1.8)
    pusher-signature (0.1.8)
    pwned (2.4.1)
    raabro (1.4.0)
    racc (1.8.1)
    rack (3.1.18)
    rack-attack (6.8.0)
      rack (>= 1.0, < 4)
    rack-cors (3.0.0)
      logger
      rack (>= 3.0.14)
    rack-mini-profiler (4.0.1)
      rack (>= 1.2.0)
    rack-protection (4.2.1)
      base64 (>= 0.1.0)
      logger (>= 1.6.0)
      rack (>= 3.0.0, < 4)
    rack-session (2.1.1)
      base64 (>= 0.1.0)
      rack (>= 3.0.0)
    rack-test (2.2.0)
      rack (>= 1.3)
    rackup (2.2.1)
      rack (>= 3)
    rails (7.2.0)
      actioncable (= 7.2.0)
      actionmailbox (= 7.2.0)
      actionmailer (= 7.2.0)
      actionpack (= 7.2.0)
      actiontext (= 7.2.0)
      actionview (= 7.2.0)
      activejob (= 7.2.0)
      activemodel (= 7.2.0)
      activerecord (= 7.2.0)
      activestorage (= 7.2.0)
      activesupport (= 7.2.0)
      bundler (>= 1.15.0)
      railties (= 7.2.0)
    rails-dom-testing (2.3.0)
      activesupport (>= 5.0.0)
      minitest
      nokogiri (>= 1.6)
    rails-html-sanitizer (1.6.2)
      loofah (~> 2.21)
      nokogiri (>= 1.15.7, != 1.16.7, != 1.16.6, != 1.16.5, != 1.16.4, != 1.16.3, != 1.16.2, != 1.16.1, != 1.16.0.rc1, != 1.16.0)
    railties (7.2.0)
      actionpack (= 7.2.0)
      activesupport (= 7.2.0)
      irb (~> 1.13)
      rackup (>= 1.0.0)
      rake (>= 12.2)
      thor (~> 1.0, >= 1.2.2)
      zeitwerk (~> 2.6)
    rainbow (3.1.1)
    rake (13.3.1)
    rdoc (6.15.0)
      erb
      psych (>= 4.0.0)
      tsort
    redis (4.8.1)
    redis-client (0.26.1)
      connection_pool
    regexp_parser (2.11.3)
    reline (0.6.2)
      io-console (~> 0.5)
    responders (3.2.0)
      actionpack (>= 7.0)
      railties (>= 7.0)
    rexml (3.4.4)
    rotp (6.3.0)
    rubocop (1.81.6)
      json (~> 2.3)
      language_server-protocol (~> 3.17.0.2)
      lint_roller (~> 1.1.0)
      parallel (~> 1.10)
      parser (>= 3.3.0.2)
      rainbow (>= 2.2.2, < 4.0)
      regexp_parser (>= 2.9.3, < 3.0)
      rubocop-ast (>= 1.47.1, < 2.0)
      ruby-progressbar (~> 1.7)
      unicode-display_width (>= 2.4.0, < 4.0)
    rubocop-ast (1.47.1)
      parser (>= 3.3.7.2)
      prism (~> 1.4)
    rubocop-rails (2.33.4)
      activesupport (>= 4.2.0)
      lint_roller (~> 1.1)
      rack (>= 1.1)
      rubocop (>= 1.75.0, < 2.0)
      rubocop-ast (>= 1.44.0, < 2.0)
    rubocop-shopify (2.18.0)
      rubocop (~> 1.62)
    ruby-openai (8.3.0)
      event_stream_parser (>= 0.3.0, < 2.0.0)
      faraday (>= 1)
      faraday-multipart (>= 1)
    ruby-progressbar (1.13.0)
    ruby2_keywords (0.0.5)
    rufus-scheduler (3.9.2)
      fugit (~> 1.1, >= 1.11.1)
    searchkick (6.0.2)
      activemodel (>= 7.2)
    securerandom (0.4.1)
    sentry-rails (5.28.1)
      railties (>= 5.0)
      sentry-ruby (~> 5.28.1)
    sentry-ruby (5.28.1)
      bigdecimal
      concurrent-ruby (~> 1.0, >= 1.0.2)
    sentry-sidekiq (5.28.1)
      sentry-ruby (~> 5.28.1)
      sidekiq (>= 3.0)
    sidekiq (7.3.0)
      concurrent-ruby (< 2)
      connection_pool (>= 2.3.0)
      logger
      rack (>= 2.2.4)
      redis-client (>= 0.22.2)
    sidekiq-scheduler (5.0.6)
      rufus-scheduler (~> 3.2)
      sidekiq (>= 6, < 8)
      tilt (>= 1.4.0, < 3)
    slack-ruby-client (3.0.0)
      faraday (>= 2.0.1)
      faraday-mashify
      faraday-multipart
      gli
      hashie
      logger
    snaky_hash (2.0.3)
      hashie (>= 0.1.0, < 6)
      version_gem (>= 1.1.8, < 3)
    sprockets (4.2.2)
      concurrent-ruby (~> 1.0)
      logger
      rack (>= 2.2.4, < 4)
    sprockets-rails (3.5.2)
      actionpack (>= 6.1)
      activesupport (>= 6.1)
      sprockets (>= 3.0.0)
    stackprof (0.2.27)
    streamio-ffmpeg (3.0.2)
      multi_json (~> 1.8)
    stringio (3.1.7)
    strong_password (0.0.10)
    swearjar (1.4.0)
    thor (1.4.0)
    tilt (2.6.1)
    timecop (0.9.10)
    timeout (0.4.4)
    tsort (0.2.0)
    tzinfo (2.0.6)
      concurrent-ruby (~> 1.0)
    unicode-display_width (3.2.0)
      unicode-emoji (~> 4.1)
    unicode-emoji (4.1.0)
    uri (1.0.4)
    useragent (0.16.11)
    userlist (1.1.0)
    userlist-rails (1.0.1)
      activesupport (>= 5.0)
      railties (>= 5.0)
      userlist (~> 1.0)
    vcr (6.3.1)
      base64
    version_gem (1.1.9)
    warden (1.2.9)
      rack (>= 2.0.9)
    web-console (4.2.1)
      actionview (>= 6.0.0)
      activemodel (>= 6.0.0)
      bindex (>= 0.4.0)
      railties (>= 6.0.0)
    web-push (3.0.2)
      jwt (~> 3.0)
      openssl (~> 3.0)
    webmock (3.26.1)
      addressable (>= 2.8.0)
      crack (>= 0.3.2)
      hashdiff (>= 0.4.0, < 2.0.0)
    websocket-driver (0.8.0)
      base64
      websocket-extensions (>= 0.1.0)
    websocket-extensions (0.1.5)
    workflow (3.1.1)
    workflow-activerecord (6.0.1)
      activerecord (>= 6.0)
      workflow (~> 3.0)
    yajl-ruby (1.4.3)
    zeitwerk (2.7.3)

PLATFORMS
  aarch64-linux
  aarch64-linux-gnu
  aarch64-linux-musl
  x86_64-linux
  x86_64-linux-gnu
  x86_64-linux-musl

DEPENDENCIES
  acts_as_list
  aws-sdk-ecs
  aws-sdk-s3
  aws-sdk-transcribeservice
  blueprinter
  bootsnap
  commonmarker
  console1984 (= 0.2.1)
  counter_culture
  cssbundling-rails
  debug
  device_detector
  devise (~> 4.9)
  devise-doorkeeper
  devise-two-factor
  discard
  doorkeeper (~> 5.6.9)
  down
  elasticsearch
  factory_bot_rails
  faker
  faraday
  faraday-follow_redirects
  fastimage
  flipper (~> 1.0)
  flipper-active_record (~> 1.0)
  friendly_id (~> 5.4.0)
  ip_anonymizer
  jsbundling-rails
  json-schema
  jwt
  letter_opener_web
  minitest-focus
  minitest-spec-rails (~> 7.1)
  minitest-stub-const
  mocha (~> 2.1)
  mock_redis
  nanoid
  omniauth
  omniauth-google-oauth2
  omniauth-rails_csrf_protection
  openapi3_parser
  pg (~> 1.5)
  planetscale_rails
  postmark-rails
  premailer-rails
  prosopite
  pry-rails
  public_suffix
  puma (~> 6.4)
  pundit
  pusher
  pwned
  rack-attack
  rack-cors
  rack-mini-profiler
  rails (= 7.2.0)
  redis (= 4.8.1)
  rubocop-rails
  rubocop-shopify
  ruby-openai
  searchkick
  sentry-rails (~> 5.18)
  sentry-ruby (~> 5.18)
  sentry-sidekiq (~> 5.18)
  sidekiq (= 7.3.0)
  sidekiq-scheduler (~> 5.0)
  slack-ruby-client
  sprockets-rails
  stackprof
  streamio-ffmpeg
  strong_password
  swearjar
  timecop
  tzinfo-data
  userlist-rails
  vcr
  web-console
  web-push
  webmock
  workflow-activerecord
  yajl-ruby

RUBY VERSION
   ruby 3.3.4p94

BUNDLED WITH
   2.5.11
